GEM
  remote: http://rubygems.org/
  specs:
    activesupport (4.2.1)
      i18n (~> 0.7)
      json (~> 1.7, >= 1.7.7)
      minitest (~> 5.1)
      thread_safe (~> 0.3, >= 0.3.4)
      tzinfo (~> 1.1)
    claide (0.8.1)
    clamp (0.6.4)
    cocoapods (0.36.4)
      activesupport (>= 3.2.15)
      claide (~> 0.8.1)
      cocoapods-core (= 0.36.4)
      cocoapods-downloader (~> 0.9.0)
      cocoapods-plugins (~> 0.4.1)
      cocoapods-trunk (~> 0.6.0)
      cocoapods-try (~> 0.4.3)
      colored (~> 1.2)
      escape (~> 0.0.4)
      molinillo (~> 0.2.1)
      nap (~> 0.8)
      open4 (~> 1.3)
      xcodeproj (~> 0.23.1)
    cocoapods-core (0.36.4)
      activesupport (>= 3.2.15)
      fuzzy_match (~> 2.0.4)
      nap (~> 0.8.0)
    cocoapods-coverage (0.2.0)
      cocoapods-testing (>= 0.2.0)
      slather (>= 1.6.0)
    cocoapods-downloader (0.9.0)
    cocoapods-plugins (0.4.2)
      nap
    cocoapods-testing (0.2.0)
      xctasks (>= 0.5.0)
    cocoapods-trunk (0.6.0)
      nap (>= 0.8)
      netrc (= 0.7.8)
    cocoapods-try (0.4.3)
    colored (1.2)
    coveralls (0.8.0)
      multi_json (~> 1.10)
      rest-client (>= 1.6.8, < 2)
      simplecov (~> 0.9.1)
      term-ansicolor (~> 1.3)
      thor (~> 0.19.1)
    docile (1.1.5)
    domain_name (0.5.24)
      unf (>= 0.0.5, < 1.0.0)
    escape (0.0.4)
    fuzzy_match (2.0.4)
    http-cookie (1.0.2)
      domain_name (~> 0.5)
    i18n (0.7.0)
    json (1.8.2)
    mime-types (2.4.3)
    mini_portile (0.6.0)
    minitest (5.6.0)
    molinillo (0.2.3)
    multi_json (1.11.0)
    nap (0.8.0)
    netrc (0.7.8)
    nokogiri (1.6.3.1)
      mini_portile (= 0.6.0)
    open4 (1.3.4)
    rake (10.4.2)
    rest-client (1.8.0)
      http-cookie (>= 1.0.2, < 2.0)
      mime-types (>= 1.16, < 3.0)
      netrc (~> 0.7)
    simplecov (0.9.2)
      docile (~> 1.1.0)
      multi_json (~> 1.0)
      simplecov-html (~> 0.9.0)
    simplecov-html (0.9.0)
    slather (1.7.0)
      clamp (~> 0.6)
      nokogiri (~> 1.6.3)
      xcodeproj (~> 0.23.0)
    term-ansicolor (1.3.0)
      tins (~> 1.0)
    thor (0.19.1)
    thread_safe (0.3.5)
    tins (1.3.5)
    tzinfo (1.2.2)
      thread_safe (~> 0.1)
    unf (0.1.4)
      unf_ext
    unf_ext (0.0.7.1)
    xcodeproj (0.23.1)
      activesupport (>= 3)
      colored (~> 1.2)
    xcpretty (0.1.9)
    xctasks (0.5.0)
      nokogiri (~> 1.6, >= 1.6.3.1)
      rake (~> 10.0, >= 10.0.0)

PLATFORMS
  ruby

DEPENDENCIES
  cocoapods (>= 0.35.0)
  cocoapods-coverage (>= 0.2.0)
  coveralls
  nokogiri (= 1.6.3.1)
  slather (~> 1.7.0)
  xcpretty
